GEM
  remote: https://rubygems.org/
  specs:
    activesupport (3.2.1)
      i18n (~> 0.6)
      multi_json (~> 1.0)
    audible (0.1.0)
    capybara (2.0.2)
      mime-types (>= 1.16)
      nokogiri (>= 1.3.3)
      rack (>= 1.0.0)
      rack-test (>= 0.5.4)
      selenium-webdriver (~> 2.0)
      xpath (~> 1.0.0)
    capybara-webkit (0.14.2)
      capybara (~> 2.0, >= 2.0.2)
      json
    childprocess (0.3.9)
      ffi (~> 1.0, >= 1.0.11)
    cmdparse (2.0.5)
    diff-lcs (1.1.3)
    ffi (1.4.0)
    hashr (0.0.19)
    highline (1.6.19)
    i18n (0.6.0)
    json (1.7.7)
    mime-types (1.21)
    multi_json (1.0.4)
    net-http-persistent (2.9)
    net-ssh (2.7.0)
    net-ssh-gateway (1.2.0)
      net-ssh (>= 2.6.5)
    nokogiri (1.5.6)
    parallel (0.8.2)
    parallel_tests (0.15.0)
      parallel
    rack (1.5.2)
    rack-test (0.6.2)
      rack (>= 1.0)
    rake (0.9.2.2)
    rest-client (1.6.7)
      mime-types (>= 1.16)
    rspec (2.8.0)
      rspec-core (~> 2.8.0)
      rspec-expectations (~> 2.8.0)
      rspec-mocks (~> 2.8.0)
    rspec-core (2.8.0)
    rspec-expectations (2.8.0)
      diff-lcs (~> 1.1.2)
    rspec-mocks (2.8.0)
    rubyzip (0.9.9)
    sauce (3.1.3)
      childprocess (>= 0.1.6)
      cmdparse (>= 2.0.2)
      highline (>= 1.5.0)
      json (>= 1.2.0)
      net-http-persistent
      net-ssh
      net-ssh-gateway
      parallel_tests (= 0.15.0)
      rest-client
      sauce_whisk (~> 0.0.8)
      selenium-webdriver (>= 0.1.2)
    sauce-connect (3.1.0)
      sauce (~> 3.1)
    sauce_whisk (0.0.10)
      rest-client
    selenium-webdriver (2.31.0)
      childprocess (>= 0.2.5)
      multi_json (~> 1.0)
      rubyzip
      websocket (~> 1.0.4)
    travis-lint (1.0.0)
      activesupport (~> 3.2.0)
      hashr (>= 0.0.19)
    websocket (1.0.7)
    xpath (1.0.0)
      nokogiri (~> 1.3)

PLATFORMS
  ruby

DEPENDENCIES
  audible
  capybara-webkit (= 0.14.2)
  rake
  rspec
  sauce
  sauce-connect
  travis-lint
